GEM
  remote: https://rubygems.org/
  specs:
    activesupport (3.2.14)
      i18n (~> 0.6, >= 0.6.4)
      multi_json (~> 1.0)
    addressable (2.3.5)
    atomic (1.1.14)
    byebug (2.1.1)
      columnize (~> 0.3.6)
      debugger-linecache (~> 1.2.0)
    columnize (0.3.6)
    debugger-linecache (1.2.0)
    faraday (0.8.8)
      multipart-post (~> 1.2.0)
    faraday-http-cache (0.3.0)
      activesupport (>= 3.0)
      faraday (~> 0.8)
      multi_json (~> 1.3)
    git (1.2.6)
    i18n (0.6.5)
    multi_json (1.8.0)
    multipart-post (1.2.0)
    octokit (2.4.0)
      sawyer (~> 0.5.1)
    pusher-client (0.4.0)
      websocket (~> 1.0.0)
    rufus-scheduler (3.0.2)
      tzinfo
    sawyer (0.5.1)
      addressable (~> 2.3.5)
      faraday (~> 0.8, < 0.10)
    serialport (1.2.1)
    thread_safe (0.1.3)
      atomic
    tzinfo (1.1.0)
      thread_safe (~> 0.1)
    websocket (1.0.7)

PLATFORMS
  ruby

DEPENDENCIES
  byebug
  faraday-http-cache
  git
  octokit
  pusher-client
  rufus-scheduler
  serialport
