GEM
  remote: https://rubygems.org/
  specs:
    atomic (1.1.14)
    byebug (2.1.1)
      columnize (~> 0.3.6)
      debugger-linecache (~> 1.2.0)
    columnize (0.3.6)
    debugger-linecache (1.2.0)
    pusher-client (0.4.0)
      websocket (~> 1.0.0)
    rufus-scheduler (3.0.2)
      tzinfo
    serialport (1.2.1)
    thread_safe (0.1.3)
      atomic
    tzinfo (1.1.0)
      thread_safe (~> 0.1)
    websocket (1.0.7)

PLATFORMS
  ruby

DEPENDENCIES
  byebug
  pusher-client
  rufus-scheduler
  serialport
